GIT
  remote: https://github.com/mikel/mail
  revision: 52c0e9c5eaf26154d3100312f21b1bc77d728261
  specs:
    mail (2.8.0.edge)
      mini_mime (>= 0.1.1)

GEM
  remote: https://rubygems.org/
  specs:
    mini_mime (1.0.1)
    mustache (1.1.0)
    smarter_csv (1.2.5)

PLATFORMS
  ruby

DEPENDENCIES
  mail (>= 2.7.2)!
  mustache
  smarter_csv

BUNDLED WITH
   1.16.2
